PATH
  remote: .
  specs:
    traquitana (0.1.7)
      highline
      net-scp
      net-ssh
      rubyzip (>= 2.0.0)

GEM
  remote: https://rubygems.org/
  specs:
    highline (2.0.3)
    net-scp (3.0.0)
      net-ssh (>= 2.6.5, < 7.0.0)
    net-ssh (6.1.0)
    rubyzip (2.3.2)

PLATFORMS
  ruby

DEPENDENCIES
  traquitana!

BUNDLED WITH
   2.1.4
