PATH
  remote: .
  specs:
    traquitana (2.0.6)
      bcrypt_pbkdf
      ed25519
      highline
      net-scp
      net-ssh
      rubyzip (>= 2.0.0)

GEM
  remote: https://rubygems.org/
  specs:
    bcrypt_pbkdf (1.1.1)
    ed25519 (1.3.0)
    highline (3.1.1)
      reline
    io-console (0.7.2)
    net-scp (4.0.0)
      net-ssh (>= 2.6.5, < 8.0.0)
    net-ssh (7.3.0)
    reline (0.5.10)
      io-console (~> 0.5)
    rubyzip (2.3.2)

PLATFORMS
  ruby

DEPENDENCIES
  traquitana!

BUNDLED WITH
   2.1.4
